GEM
  remote: https://rubygems.org/
  specs:
    curb (1.0.5)
    mini_portile2 (2.8.5)
    nokogiri (1.16.2)
      mini_portile2 (~> 2.8.2)
      racc (~> 1.4)
    nokogiri (1.16.2-arm64-darwin)
      racc (~> 1.4)
    racc (1.7.3)

PLATFORMS
  arm64-darwin-23
  ruby

DEPENDENCIES
  curb
  nokogiri

BUNDLED WITH
   2.5.6
